GIT
  remote: git@github.com:HomeBusProjects/ruby-homebus-application.git
  revision: 176b839ec7a145ad071844dbe57eaa16593f0c46
  specs:
    homebus_app (0.0.16)
      dotenv
      mqtt

GIT
  remote: https://github.com/HomeBusProjects/ruby-homebus
  revision: 64d64f26adf2e82d4c8cb7219bdd534f2275f817
  specs:
    homebus (0.3.1)

GEM
  remote: https://rubygems.org/
  specs:
    activesupport (3.2.22.5)
      i18n (~> 0.6, >= 0.6.4)
      multi_json (~> 1.0)
    concurrent-ruby (1.1.5)
    dotenv (2.7.2)
    i18n (0.9.5)
      concurrent-ruby (~> 1.0)
    mqtt (0.5.0)
    multi_json (1.13.1)
    summer (1.0.2)
      activesupport (~> 3.2.1)

PLATFORMS
  ruby

DEPENDENCIES
  homebus!
  homebus_app!
  mqtt
  summer

BUNDLED WITH
   2.0.1
